GEM
  remote: https://rubygems.org/
  specs:
    cloudflare (2.0.3)
      json (~> 1)
    daemons (1.1.9)
    eventmachine (1.0.4)
    json (1.8.2)
    rack (1.6.0)
    rack-protection (1.5.3)
      rack
    rmagick (2.13.2)
    sinatra (1.4.5)
      rack (~> 1.4)
      rack-protection (~> 1.4)
      tilt (~> 1.3, >= 1.3.4)
    thin (1.6.3)
      daemons (~> 1.0, >= 1.0.9)
      eventmachine (~> 1.0)
      rack (~> 1.0)
    tilt (1.4.1)

PLATFORMS
  ruby

DEPENDENCIES
  cloudflare
  rmagick
  sinatra
  thin
